GIT
  remote: git://github.com/computadude/shippinglogic.git
  revision: 83801743a8796aa1b58342b02684aeb7e49dc86a
  branch: master
  specs:
    shippinglogic (1.2.2)
      builder (>= 2.1.2)
      httparty (>= 0.4.4)

GIT
  remote: git://github.com/elevation/event_calendar.git
  revision: 131d6dee147f4d515daa77d4acc7fa77f369bfcc
  branch: master
  specs:
    event-calendar (2.3.3)

GIT
  remote: git://github.com/jugyo/sunspot_mongoid.git
  revision: 688430d98805e10916ecddb7f46f8ae774cb04a7
  branch: master
  specs:
    sunspot_mongoid (0.4.1)
      mongoid
      sunspot (>= 1.1.0)
      sunspot_rails (>= 1.1.0)

GIT
  remote: git://github.com/probablycorey/mini_magick.git
  revision: 5838f409936f6c269c001af85b74a64ab0d8bd65
  specs:
    mini_magick (3.3)
      subexec (~> 0.1.0)

GIT
  remote: https://github.com/piotrmarat/youtube_it.git
  revision: ec09f274c1ccdaa4b164bcac8910f3f5cb6a5693
  specs:
    youtube_it (1.4.2)
      builder
      oauth (>= 0.4.4)

GEM
  remote: http://rubygems.org/
  remote: http://gemcutter.org/
  remote: http://gems.github.com/
  specs:
    RubyInline (3.9.0)
      ZenTest (~> 4.3)
    ZenTest (4.6.0)
    abstract (1.0.0)
    actionmailer (3.0.4)
      actionpack (= 3.0.4)
      mail (~> 2.2.15)
    actionpack (3.0.4)
      activemodel (= 3.0.4)
      activesupport (= 3.0.4)
      builder (~> 2.1.2)
      erubis (~> 2.6.6)
      i18n (~> 0.4)
      rack (~> 1.2.1)
      rack-mount (~> 0.6.13)
      rack-test (~> 0.5.7)
      tzinfo (~> 0.3.23)
    active_merchant (1.5.2)
      activesupport (>= 2.3.2)
      builder (>= 2.0.0)
    activemodel (3.0.4)
      activesupport (= 3.0.4)
      builder (~> 2.1.2)
      i18n (~> 0.4)
    activerecord (3.0.4)
      activemodel (= 3.0.4)
      activesupport (= 3.0.4)
      arel (~> 2.0.2)
      tzinfo (~> 0.3.23)
    activeresource (3.0.4)
      activemodel (= 3.0.4)
      activesupport (= 3.0.4)
    activesupport (3.0.4)
    addressable (2.2.6)
    archive-tar-minitar (0.5.2)
    arel (2.0.10)
    barista (1.2.1)
      coffee-script (~> 2.2)
    bcrypt-ruby (2.1.4)
    bson (1.3.1)
    bson_ext (1.3.1)
    builder (2.1.2)
    capistrano (2.6.0)
      highline
      net-scp (>= 1.0.0)
      net-sftp (>= 2.0.0)
      net-ssh (>= 2.0.14)
      net-ssh-gateway (>= 1.1.0)
    capybara (1.0.0)
      mime-types (>= 1.16)
      nokogiri (>= 1.3.3)
      rack (>= 1.0.0)
      rack-test (>= 0.5.4)
      selenium-webdriver (~> 0.2.0)
      xpath (~> 0.1.4)
    carrierwave (0.5.3)
      activesupport (~> 3.0)
    childprocess (0.2.0)
      ffi (~> 1.0.6)
    chunky_png (1.2.0)
    coffee-script (2.2.0)
      coffee-script-source
      execjs
    coffee-script-source (1.1.1)
    columnize (0.3.4)
    compass (0.11.5)
      chunky_png (~> 1.2)
      fssm (>= 0.2.7)
      sass (~> 3.1)
    crack (0.1.8)
    cucumber (1.0.2)
      builder (>= 2.1.2)
      diff-lcs (>= 1.1.2)
      gherkin (~> 2.4.5)
      json (>= 1.4.6)
      term-ansicolor (>= 1.0.5)
    cucumber-rails (1.0.2)
      capybara (>= 1.0.0)
      cucumber (~> 1.0.0)
      nokogiri (>= 1.4.6)
    curb (0.7.15)
    daemon_controller (0.2.6)
    daemons (1.1.4)
    database_cleaner (0.6.7)
    delayed_job (2.1.4)
      activesupport (~> 3.0)
      daemons
    delayed_job_mongoid (1.0.2)
      delayed_job (~> 2.1.1)
      mongoid (~> 2.0.0.rc)
    devise (1.1.3)
      bcrypt-ruby (~> 2.1.2)
      warden (~> 0.10.7)
    diff-lcs (1.1.2)
    erubis (2.6.6)
      abstract (>= 1.0.0)
    escape (0.0.4)
    execjs (1.2.1)
      multi_json (~> 1.0)
    factory_girl (2.0.2)
    factory_girl_rails (1.1.0)
      factory_girl (~> 2.0.0)
      railties (>= 3.0.0)
    fastthread (1.0.7)
    feedzirra (0.0.24)
      activesupport (>= 2.3.8)
      builder (>= 2.1.2)
      curb (>= 0.2.3)
      loofah (>= 0.3.1)
      nokogiri (> 0.0.0)
      sax-machine (>= 0.0.12)
    ffi (1.0.9)
    fssm (0.2.7)
    geokit (1.6.0)
    ghazel-daemons (1.0.13.1)
    gherkin (2.4.5)
      json (>= 1.4.6)
    haml (3.1.0)
    highline (1.6.2)
    hpricot (0.8.4)
    httparty (0.7.8)
      crack (= 0.1.8)
    i18n (0.6.0)
    image_science (1.2.1)
    json (1.5.3)
    json_pure (1.5.3)
    launchy (2.0.5)
      addressable (~> 2.2.6)
    libv8 (3.3.10.2)
    linecache19 (0.5.12)
      ruby_core_source (>= 0.1.4)
    loofah (1.0.0)
      nokogiri (>= 1.3.3)
    mail (2.2.19)
      activesupport (>= 2.3.6)
      i18n (>= 0.4.0)
      mime-types (~> 1.16)
      treetop (~> 1.4.8)
    memcache-client (1.8.5)
    mime-types (1.16)
    mongo (1.3.1)
      bson (>= 1.3.1)
    mongo_ext (0.19.3)
    mongo_session_store (2.0.0)
      actionpack (~> 3.0)
    mongoid (2.0.1)
      activemodel (~> 3.0)
      mongo (~> 1.3)
      tzinfo (~> 0.3.22)
      will_paginate (~> 3.0.pre)
    multi_json (1.0.3)
    mysql (2.8.1)
    net-scp (1.0.4)
      net-ssh (>= 1.99.1)
    net-sftp (2.0.5)
      net-ssh (>= 2.0.9)
    net-ssh (2.1.4)
    net-ssh-gateway (1.1.0)
      net-ssh (>= 1.99.1)
    newrelic_rpm (3.1.1)
    nifty-generators (0.4.6)
    nokogiri (1.5.0)
    oauth (0.4.5)
    passenger (3.0.7)
      daemon_controller (>= 0.2.5)
      fastthread (>= 1.0.1)
      rack
      rake (>= 0.8.1)
    polyglot (0.3.2)
    pr_geohash (1.0.0)
    rack (1.2.3)
    rack-bug (0.3.0)
      rack (>= 1.0)
    rack-mount (0.6.14)
      rack (>= 1.0.0)
    rack-recaptcha (0.6.0)
      json
    rack-test (0.5.7)
      rack (>= 1.0)
    rails (3.0.4)
      actionmailer (= 3.0.4)
      actionpack (= 3.0.4)
      activerecord (= 3.0.4)
      activeresource (= 3.0.4)
      activesupport (= 3.0.4)
      bundler (~> 1.0)
      railties (= 3.0.4)
    rails3-generators (0.17.4)
      railties (>= 3.0.0)
    railties (3.0.4)
      actionpack (= 3.0.4)
      activesupport (= 3.0.4)
      rake (>= 0.8.7)
      thor (~> 0.14.4)
    rake (0.8.7)
    remotipart (0.4.1)
    rpm_contrib (2.1.3)
      newrelic_rpm (>= 3.0.0)
    rsolr (0.12.1)
      builder (>= 2.1.2)
    rspec (2.6.0)
      rspec-core (~> 2.6.0)
      rspec-expectations (~> 2.6.0)
      rspec-mocks (~> 2.6.0)
    rspec-core (2.6.4)
    rspec-expectations (2.6.0)
      diff-lcs (~> 1.1.2)
    rspec-mocks (2.6.0)
    rspec-rails (2.6.1)
      actionpack (~> 3.0)
      activesupport (~> 3.0)
      railties (~> 3.0)
      rspec (~> 2.6.0)
    ruby-debug-base19 (0.11.25)
      columnize (>= 0.3.1)
      linecache19 (>= 0.5.11)
      ruby_core_source (>= 0.1.4)
    ruby-debug19 (0.11.6)
      columnize (>= 0.3.1)
      linecache19 (>= 0.5.11)
      ruby-debug-base19 (>= 0.11.19)
    ruby_core_source (0.1.5)
      archive-tar-minitar (>= 0.5.2)
    ruby_parser (2.0.6)
      sexp_processor (~> 3.0)
    rubyzip (0.9.4)
    sass (3.1.5)
    sax-machine (0.0.20)
      nokogiri (> 0.0.0)
    selenium-webdriver (0.2.2)
      childprocess (>= 0.1.9)
      ffi (>= 1.0.7)
      json_pure
      rubyzip
    sexp_processor (3.0.5)
    shoulda (2.11.3)
    spork (0.8.5)
    subexec (0.1.0)
    sunspot (1.2.1)
      escape (= 0.0.4)
      pr_geohash (~> 1.0)
      rsolr (= 0.12.1)
    sunspot-rails-failover (0.0.5)
      sunspot_rails (~> 1.2.1)
    sunspot_rails (1.2.1)
      nokogiri
      sunspot (= 1.2.1)
    term-ansicolor (1.0.6)
    therubyracer (0.9.2)
      libv8 (~> 3.3.10)
    thor (0.14.6)
    treetop (1.4.10)
      polyglot
      polyglot (>= 0.3.1)
    tzinfo (0.3.29)
    warden (0.10.7)
      rack (>= 1.0.0)
    webrat (0.7.3)
      nokogiri (>= 1.2.0)
      rack (>= 1.0)
      rack-test (>= 0.5.3)
    will_paginate (3.0.pre4)
    xpath (0.1.4)
      nokogiri (~> 1.3)

PLATFORMS
  ruby

DEPENDENCIES
  RubyInline
  active_merchant
  barista
  bson_ext (>= 1.0.7)
  bundler (>= 1.0.10)
  capistrano
  capybara
  carrierwave (= 0.5.3)
  compass (>= 0.10.5)
  cucumber
  cucumber-rails
  database_cleaner
  delayed_job
  delayed_job_mongoid
  devise (= 1.1.3)
  event-calendar!
  execjs
  factory_girl_rails
  feedzirra
  geokit
  ghazel-daemons
  haml (= 3.1)
  hpricot
  httparty
  image_science (>= 1.2.1)
  launchy
  memcache-client
  mini_magick!
  mongo_ext
  mongo_session_store (>= 2.0.0)
  mongoid (= 2.0.1)
  mysql
  nifty-generators
  passenger
  rack-bug
  rack-recaptcha
  rails (= 3.0.4)
  rails3-generators
  rake (= 0.8.7)
  remotipart
  rpm_contrib
  rspec-rails (>= 2.0.0.beta.20)
  ruby-debug19
  ruby_parser
  sass
  shippinglogic!
  shoulda
  spork
  sunspot-rails-failover
  sunspot_mongoid!
  therubyracer
  warden
  webrat
  will_paginate (>= 3.0.pre2)
  youtube_it (= 1.4.2)!
